GEM
  remote: http://rubygems.org/
  specs:
    ansi (1.4.3)
    builder (3.2.2)
    childprocess (0.5.5)
      ffi (~> 1.0, >= 1.0.11)
    cucumber (1.3.17)
      builder (>= 2.1.2)
      diff-lcs (>= 1.1.3)
      gherkin (~> 2.12)
      multi_json (>= 1.7.5, < 2.0)
      multi_test (>= 0.1.1)
    diff-lcs (1.2.5)
    facets (2.9.3)
    ffi (1.9.6)
    gherkin (2.12.2)
      multi_json (~> 1.3)
    json (1.8.1)
    minitest (5.4.3)
    minitest-extra-assertions (0.2.0)
    minitest-reporters (1.0.8)
      ansi
      builder
      minitest (>= 5.0)
      ruby-progressbar
    multi_json (1.10.1)
    multi_test (0.1.1)
    power_assert (0.2.2)
    ruby-progressbar (1.7.0)
    rubyzip (1.1.6)
    selenium-webdriver (2.44.0)
      childprocess (~> 0.5)
      multi_json (~> 1.0)
      rubyzip (~> 1.0)
      websocket (~> 1.0)
    test-unit (3.0.7)
      power_assert
    watir-webdriver (0.6.11)
      selenium-webdriver (>= 2.18.0)
    webdriver-user-agent (7.1)
      facets
      json
      selenium-webdriver
    websocket (1.2.1)

PLATFORMS
  ruby

DEPENDENCIES
  cucumber
  minitest-extra-assertions
  minitest-reporters
  selenium-webdriver
  test-unit
  watir-webdriver
  webdriver-user-agent
